GEM
  specs:
    activesupport (5.2.1)
      concurrent-ruby (~> 1.0, >= 1.0.2)
      i18n (>= 0.7, < 2)
      minitest (~> 5.1)
      tzinfo (~> 1.1)
    childprocess (0.9.0)
      ffi (~> 1.0, >= 1.0.11)
    concurrent-ruby (1.0.5)
    daemons (1.2.6)
    eventmachine (1.2.7)
    facets (3.1.0)
    ffi (1.9.25)
    i18n (1.1.0)
      concurrent-ruby (~> 1.0)
    json (2.1.0)
    mini_portile2 (2.3.0)
    minitest (5.11.3)
    mustermann (1.0.3)
    nokogiri (1.8.4)
      mini_portile2 (~> 2.3.0)
    openssl (2.1.0)
    os (1.0.0)
    psych (2.2.4)
    rack (2.0.5)
    rack-protection (2.0.4)
      rack
    rubyzip (1.2.2)
    selenium-webdriver (3.14.0)
      childprocess (~> 0.5)
      rubyzip (~> 1.2)
    sinatra (2.0.4)
      mustermann (~> 1.0)
      rack (~> 2.0)
      rack-protection (= 2.0.4)
      tilt (~> 2.0)
    thin (1.7.2)
      daemons (~> 1.0, >= 1.0.9)
      eventmachine (~> 1.0, >= 1.0.4)
      rack (>= 1, < 3)
    thread_safe (0.3.6)
    tilt (2.0.8)
    tzinfo (1.2.5)
      thread_safe (~> 0.1)
    watir (6.14.0)
      selenium-webdriver (~> 3.4, >= 3.4.1)
    webdriver-user-agent (7.5)
      facets
      json
      os
      psych
      selenium-webdriver (>= 3.4.0)

PLATFORMS
  ruby

DEPENDENCIES
  activesupport
  nokogiri
  openssl
  sinatra
  thin
  watir
  webdriver-user-agent

BUNDLED WITH
   1.16.5
